GIT
  remote: git://github.com/infinitered/rmq.git
  revision: 9860cf01e458f8117100959d43650f745de99f0c
  specs:
    ruby_motion_query (1.6.1)

GEM
  remote: https://rubygems.org/
  specs:
    activesupport (4.2.6)
      i18n (~> 0.7)
      json (~> 1.7, >= 1.7.7)
      minitest (~> 5.1)
      thread_safe (~> 0.3, >= 0.3.4)
      tzinfo (~> 1.1)
    bubble-wrap (1.9.5)
    bubble-wrap-http (1.7.1)
    claide (0.8.2)
    cocoapods (0.37.2)
      activesupport (>= 3.2.15)
      claide (~> 0.8.1)
      cocoapods-core (= 0.37.2)
      cocoapods-downloader (~> 0.9.0)
      cocoapods-plugins (~> 0.4.2)
      cocoapods-trunk (~> 0.6.1)
      cocoapods-try (~> 0.4.5)
      colored (~> 1.2)
      escape (~> 0.0.4)
      molinillo (~> 0.2.3)
      nap (~> 0.8)
      xcodeproj (~> 0.24.2)
    cocoapods-core (0.37.2)
      activesupport (>= 3.2.15)
      fuzzy_match (~> 2.0.4)
      nap (~> 0.8.0)
    cocoapods-downloader (0.9.3)
    cocoapods-plugins (0.4.2)
      nap
    cocoapods-trunk (0.6.4)
      nap (>= 0.8, < 2.0)
      netrc (= 0.7.8)
    cocoapods-try (0.4.5)
    colored (1.2)
    escape (0.0.4)
    fuzzy_match (2.0.4)
    i18n (0.7.0)
    json (1.8.3)
    minitest (5.8.4)
    molinillo (0.2.3)
    motion-cocoapods (1.7.8)
      cocoapods (>= 0.34)
    motion-firebase (3.3.0)
    motion-installr (1.0.1)
    motion-keychain (0.0.1)
      motion-cocoapods (>= 1.4.1)
    motion-require (0.2.0)
    motion-support (0.3.0)
      motion-require (>= 0.0.6)
    nap (0.8.0)
    netrc (0.7.8)
    rake (11.1.2)
    thread_safe (0.3.5)
    tzinfo (1.2.2)
      thread_safe (~> 0.1)
    xcodeproj (0.24.3)
      activesupport (>= 3)
      colored (~> 1.2)

PLATFORMS
  ruby

DEPENDENCIES
  bubble-wrap
  bubble-wrap-http
  cocoapods (= 0.37.2)
  motion-firebase
  motion-installr
  motion-keychain
  motion-support
  rake
  ruby_motion_query!

BUNDLED WITH
   1.10.6
